GEM
  remote: http://rubygems.org/
  specs:
    capistrano (2.5.19)
      highline
      net-scp (>= 1.0.0)
      net-sftp (>= 2.0.0)
      net-ssh (>= 2.0.14)
      net-ssh-gateway (>= 1.0.0)
    highline (1.6.1)
    net-scp (1.0.4)
      net-ssh (>= 1.99.1)
    net-sftp (2.0.5)
      net-ssh (>= 2.0.9)
    net-ssh (2.0.23)
    net-ssh-gateway (1.0.1)
      net-ssh (>= 1.99.1)
    nokogiri (1.4.4)
    rack (1.2.1)
    rack-test (0.5.6)
      rack (>= 1.0)
    redis (2.1.1)
    sinatra (1.1.0)
      rack (~> 1.1)
      tilt (~> 1.1)
    test-unit (2.1.2)
    tilt (1.1)

PLATFORMS
  ruby

DEPENDENCIES
  capistrano
  nokogiri
  rack-test
  redis
  sinatra
  test-unit
